NUGET
  remote: https://nuget.org/api/v2
  specs:
    FAKE (4.8.0)
    FSharp.Core (4.0.0.1)
    M3.MiniJson (2.3.1)
    Suave (0.32.1)
      FSharp.Core (>= 3.1.2.5)
